GEM
  remote: http://rubygems.org/
  specs:
    builder (3.1.4)
    colored (1.2)
    cri (2.3.0)
      colored (>= 1.2)
    daemons (1.1.9)
    eventmachine (1.0.0)
    fssm (0.2.9)
    kramdown (0.14.0)
    mime-types (1.19)
    nanoc (3.4.2)
      cri (~> 2.2)
    rack (1.4.1)
    rack-contrib (1.1.0)
      rack (>= 0.9.1)
    rack-rewrite (1.3.1)
    rake (10.0.0)
    thin (1.5.0)
      daemons (>= 1.0.9)
      eventmachine (>= 0.12.6)
      rack (>= 1.0.0)

PLATFORMS
  ruby

DEPENDENCIES
  builder
  fssm
  kramdown
  mime-types
  nanoc
  rack
  rack-contrib
  rack-rewrite
  rake
  thin
